PATH
  remote: .
  specs:
    kicker (3.0.0pre1)
      listen
      terminal-notifier

GEM
  remote: http://rubygems.org/
  specs:
    activesupport (3.2.7)
      i18n (~> 0.6)
      multi_json (~> 1.0)
    bacon (1.1.0)
    ffi (1.1.4)
    i18n (0.6.0)
    json (1.7.4)
    listen (0.4.7)
      rb-fchange (~> 0.0.5)
      rb-fsevent (~> 0.9.1)
      rb-inotify (~> 0.8.8)
    metaclass (0.0.1)
    mocha (0.12.3)
      metaclass (~> 0.0.1)
    mocha-on-bacon (0.2.1)
      mocha (>= 0.9.8)
    multi_json (1.3.6)
    rake (0.9.2.2)
    rb-fchange (0.0.5)
      ffi
    rb-fsevent (0.9.1)
    rb-inotify (0.8.8)
      ffi (>= 0.5.0)
    rdoc (3.12)
      json (~> 1.4)
    terminal-notifier (1.3.0)

PLATFORMS
  ruby

DEPENDENCIES
  activesupport
  bacon
  kicker!
  mocha
  mocha-on-bacon
  rake
  rdoc
